PATH
  remote: .
  specs:
    refactorial (0.0.1)
      activesupport
      gist
      oauth2
      rest-client

GEM
  remote: http://rubygems.org/
  specs:
    activesupport (3.0.0)
    addressable (2.2.1)
    fakeweb (1.3.0)
    faraday (0.4.6)
      addressable (>= 2.1.1)
      rack (>= 1.0.1)
    gist (1.2.1)
    mime-types (1.16)
    multi_json (0.0.4)
    oauth2 (0.0.13)
      faraday (~> 0.4.1)
      multi_json (>= 0.0.4)
    rack (1.2.1)
    rest-client (1.6.1)
      mime-types (>= 1.16)
    rr (1.0.0)
    shoulda (2.11.3)
    yard (0.6.1)

PLATFORMS
  ruby

DEPENDENCIES
  activesupport
  bundler (>= 1.0.0)
  fakeweb (>= 1.3.0)
  gist
  oauth2
  refactorial!
  rest-client
  rr
  shoulda (>= 2.11)
  yard
