PATH
  remote: .
  specs:
    refactorial (0.0.1)
      activesupport
      gist
      rest-client

GEM
  remote: http://rubygems.org/
  specs:
    activesupport (3.0.0)
    gist (1.2.1)
    mime-types (1.16)
    rest-client (1.6.1)
      mime-types (>= 1.16)
    shoulda (2.11.3)
    yard (0.6.0)

PLATFORMS
  ruby

DEPENDENCIES
  activesupport
  bundler (>= 1.0.0)
  gist
  refactorial!
  rest-client
  shoulda (>= 2.11)
  yard
